GEM
  remote: https://rubygems.org/
  specs:
    clipboard (1.0.5)
    httparty (0.13.3)
      json (~> 1.8)
      multi_xml (>= 0.5.2)
    json (1.8.2)
    meta-spotify (0.3.3)
      httparty (> 0.8)
    mini_portile (0.6.2)
    multi_xml (0.5.5)
    nokogiri (1.6.5)
      mini_portile (~> 0.6.0)

PLATFORMS
  ruby

DEPENDENCIES
  clipboard
  meta-spotify
  nokogiri
